PATH
  remote: .
  specs:
    todo (0.0.1)
      gli (= 2.5.4)

GEM
  remote: http://rubygems.org/
  specs:
    aruba (0.5.1)
      childprocess (~> 0.3.6)
      cucumber (>= 1.1.1)
      rspec-expectations (>= 2.7.0)
    builder (3.1.4)
    childprocess (0.3.7)
      ffi (~> 1.0, >= 1.0.6)
    cucumber (1.2.1)
      builder (>= 2.1.2)
      diff-lcs (>= 1.1.3)
      gherkin (~> 2.11.0)
      json (>= 1.4.6)
    diff-lcs (1.1.3)
    ffi (1.3.1)
    gherkin (2.11.5)
      json (>= 1.4.6)
    gli (2.5.4)
    json (1.7.6)
    rake (10.0.3)
    rdoc (3.12)
      json (~> 1.4)
    rspec-expectations (2.12.1)
      diff-lcs (~> 1.1.3)

PLATFORMS
  ruby

DEPENDENCIES
  aruba
  rake
  rdoc
  todo!
